GEM
  remote: https://rubygems.org/
  specs:
    addressable (2.3.6)
    backports (3.6.0)
    blankslate (2.1.2.4)
    celluloid (0.15.2)
      timers (~> 1.1.0)
    classifier (1.3.4)
      fast-stemmer (>= 1.0.0)
    coderay (1.1.0)
    coffee-script (2.3.0)
      coffee-script-source
      execjs
    coffee-script-source (1.7.1)
    colorator (0.1)
    colored (1.2)
    configure-s3-website (1.5.5)
      deep_merge (= 1.0.0)
    deep_merge (1.0.0)
    dotenv (0.11.1)
      dotenv-deployment (~> 0.0.2)
    dotenv-deployment (0.0.2)
    ethon (0.7.1)
      ffi (>= 1.3.0)
    execjs (2.2.1)
    faraday (0.9.0)
      multipart-post (>= 1.2, < 3)
    faraday_middleware (0.9.1)
      faraday (>= 0.7.4, < 0.10)
    fast-stemmer (1.0.2)
    ffi (1.9.3)
    gh (0.13.2)
      addressable
      backports
      faraday (~> 0.8)
      multi_json (~> 1.0)
      net-http-persistent (>= 2.7)
      net-http-pipeline
    highline (1.6.21)
    jekyll (2.1.1)
      classifier (~> 1.3)
      colorator (~> 0.1)
      jekyll-coffeescript (~> 1.0)
      jekyll-gist (~> 1.0)
      jekyll-paginate (~> 1.0)
      jekyll-sass-converter (~> 1.0)
      jekyll-watch (~> 1.0)
      kramdown (~> 1.3)
      liquid (~> 2.6.1)
      mercenary (~> 0.3.3)
      pygments.rb (~> 0.6.0)
      redcarpet (~> 3.1)
      safe_yaml (~> 1.0)
      toml (~> 0.1.0)
    jekyll-coffeescript (1.0.0)
      coffee-script (~> 2.2)
    jekyll-gist (1.1.0)
    jekyll-paginate (1.0.0)
    jekyll-sass-converter (1.0.0)
      sass (~> 3.2)
    jekyll-watch (1.0.0)
      listen (~> 2.7)
    json (1.8.1)
    kramdown (1.4.0)
    launchy (2.4.2)
      addressable (~> 2.3)
    liquid (2.6.1)
    listen (2.7.9)
      celluloid (>= 0.15.2)
      rb-fsevent (>= 0.9.3)
      rb-inotify (>= 0.9)
    mercenary (0.3.4)
    method_source (0.8.2)
    multi_json (1.10.1)
    multipart-post (2.0.0)
    net-http-persistent (2.9.4)
    net-http-pipeline (1.0.1)
    parslet (1.5.0)
      blankslate (~> 2.0)
    posix-spawn (0.3.8)
    pry (0.9.12.6)
      coderay (~> 1.0)
      method_source (~> 0.8)
      slop (~> 3.4)
    pusher-client (0.6.0)
      json
      websocket (~> 1.0)
    pygments.rb (0.6.0)
      posix-spawn (~> 0.3.6)
      yajl-ruby (~> 1.1.0)
    rb-fsevent (0.9.4)
    rb-inotify (0.9.5)
      ffi (>= 0.5.0)
    redcarpet (3.1.2)
    s3_website (2.1.16)
      colored (= 1.2)
      configure-s3-website (= 1.5.5)
      dotenv (~> 0.11.1)
      thor (= 0.18.1)
    safe_yaml (1.0.3)
    sass (3.3.11)
    slop (3.6.0)
    thor (0.18.1)
    timers (1.1.0)
    toml (0.1.1)
      parslet (~> 1.5.0)
    travis (1.6.17)
      addressable (~> 2.3)
      backports
      faraday (~> 0.9)
      faraday_middleware (~> 0.9, >= 0.9.1)
      gh (~> 0.13)
      highline (~> 1.6)
      launchy (~> 2.1)
      pry (~> 0.9, < 0.10)
      pusher-client (~> 0.4)
      typhoeus (~> 0.6, >= 0.6.8)
    typhoeus (0.6.9)
      ethon (>= 0.7.1)
    websocket (1.2.0)
    yajl-ruby (1.1.0)

PLATFORMS
  ruby

DEPENDENCIES
  jekyll
  s3_website
  travis
